PATH
  remote: .
  specs:
    ad_localize (3.0.0)
      activesupport (>= 4.2.10)
      colorize (~> 0.8.1)
      json (~> 1.8, >= 1.8.3)
      nokogiri (~> 1.8, >= 1.8.2)

GEM
  remote: https://rubygems.org/
  specs:
    activesupport (5.2.2)
      concurrent-ruby (~> 1.0, >= 1.0.2)
      i18n (>= 0.7, < 2)
      minitest (~> 5.1)
      tzinfo (~> 1.1)
    byebug (10.0.2)
    colorize (0.8.1)
    concurrent-ruby (1.1.4)
    i18n (1.5.3)
      concurrent-ruby (~> 1.0)
    json (1.8.6)
    mini_portile2 (2.4.0)
    minitest (5.11.3)
    nokogiri (1.10.1)
      mini_portile2 (~> 2.4.0)
    rake (10.5.0)
    thread_safe (0.3.6)
    tzinfo (1.2.5)
      thread_safe (~> 0.1)

PLATFORMS
  ruby

DEPENDENCIES
  ad_localize!
  bundler (~> 1.16)
  byebug (~> 10.0)
  minitest (~> 5.0)
  rake (~> 10.0)

RUBY VERSION
   ruby 2.5.0p0

BUNDLED WITH
   1.16.1
