GEM
  remote: https://rubygems.org/
  specs:
    byebug (5.0.0)
      columnize (= 0.9.0)
    columnize (0.9.0)
    json (1.8.3)

PLATFORMS
  ruby

DEPENDENCIES
  byebug
  json (~> 1.8, >= 1.8.3)

BUNDLED WITH
   1.11.2
